GEM
  remote: http://gemcutter.org/
  specs:
    haml (3.1.3)
    rack (1.3.4)
    rack-protection (1.1.2)
      rack
    sass (3.1.8)
    sinatra (1.3.0)
      rack (~> 1.3)
      rack-protection (~> 1.1)
      tilt (~> 1.3)
    tilt (1.3.3)

PLATFORMS
  ruby

DEPENDENCIES
  haml
  sass
  sinatra
